GEM
  remote: https://rubygems.org/
  specs:
    erubis (2.7.0)
    rack (3.0.8)
    rake (13.0.6)
    sinatra (1.0)
      rack (>= 1.0)

PLATFORMS
  x86_64-linux

DEPENDENCIES
  erubis
  rack
  rake
  sinatra

RUBY VERSION
   ruby 3.2.2p53

BUNDLED WITH
   2.4.14
